GEM
  remote: https://rubygems.org/
  specs:
    mini_portile2 (2.8.0)
    nokogiri (1.13.2)
      mini_portile2 (~> 2.8.0)
      racc (~> 1.4)
    nokogiri (1.13.2-x64-mingw32)
      racc (~> 1.4)
    racc (1.6.0)

PLATFORMS
  ruby
  x64-mingw32

DEPENDENCIES
  nokogiri (~> 1.13)

BUNDLED WITH
   2.1.4
