GEM
  remote: https://rubygems.org/
  specs:
    bigdecimal (3.1.2)
    date (3.2.2)
    mini_portile2 (2.8.0)
    nokogiri (1.13.6)
      mini_portile2 (~> 2.8.0)
      racc (~> 1.4)
    nokogiri (1.13.6-x64-mingw32)
      racc (~> 1.4)
    open-uri (0.2.0)
      stringio
      time
      uri
    racc (1.6.0)
    set (1.0.2)
    stringio (3.0.2)
    time (0.2.0)
      date
    uri (0.12.1)

PLATFORMS
  ruby
  x64-mingw32

DEPENDENCIES
  bigdecimal
  nokogiri (~> 1.13)
  open-uri
  set

BUNDLED WITH
   2.2.23
